GEM
  remote: https://rubygems.org/
  specs:
    aws-sdk (2.8.10)
      aws-sdk-resources (= 2.8.10)
    aws-sdk-core (2.8.10)
      aws-sigv4 (~> 1.0)
      jmespath (~> 1.0)
    aws-sdk-resources (2.8.10)
      aws-sdk-core (= 2.8.10)
    aws-sigv4 (1.0.0)
    highline (1.7.8)
    jmespath (1.3.1)

PLATFORMS
  ruby

DEPENDENCIES
  aws-sdk (~> 2)
  highline

BUNDLED WITH
   1.14.3
