GEM
  remote: https://rubygems.org/
  specs:
    aws-sdk (2.8.10)
      aws-sdk-resources (= 2.8.10)
    aws-sdk-core (2.8.10)
      aws-sigv4 (~> 1.0)
      jmespath (~> 1.0)
    aws-sdk-resources (2.8.10)
      aws-sdk-core (= 2.8.10)
    aws-sigv4 (1.0.0)
    bson (4.2.1)
    bson (4.2.1-java)
    highline (1.7.8)
    jmespath (1.3.1)
    json (2.0.2)
    json (2.0.2-java)
    mongo (2.4.1)
      bson (>= 4.2.1, < 5.0.0)

PLATFORMS
  java
  ruby

DEPENDENCIES
  aws-sdk (~> 2)
  highline
  json
  mongo (~> 2.4)

BUNDLED WITH
   1.14.6
